GEM
  remote: https://rubygems.org/
  specs:
    mini_portile2 (2.8.0)
    nokogiri (1.13.2)
      mini_portile2 (~> 2.8.0)
      racc (~> 1.4)
    racc (1.6.0)
    tilt (2.0.9)

PLATFORMS
  ruby

DEPENDENCIES
  nokogiri (~> 1.13)
  tilt (~> 2.0, >= 2.0.9)

BUNDLED WITH
   1.17.2
