GEM
  remote: https://rubygems.org/
  specs:
    mini_portile2 (2.8.1)
    nokogiri (1.14.3)
      mini_portile2 (~> 2.8.0)
      racc (~> 1.4)
    racc (1.6.2)
    tilt (2.0.9)

PLATFORMS
  ruby

DEPENDENCIES
  nokogiri (~> 1.14)
  tilt (~> 2.0, >= 2.0.9)

BUNDLED WITH
   1.17.2
