GEM
  remote: https://rubygems.org/
  specs:
    mini_portile2 (2.5.1)
    nokogiri (1.11.4)
      mini_portile2 (~> 2.5.0)
      racc (~> 1.4)
    racc (1.5.2)
    tilt (2.0.9)

PLATFORMS
  ruby

DEPENDENCIES
  nokogiri (~> 1.11)
  tilt (~> 2.0, >= 2.0.9)

BUNDLED WITH
   1.17.2
